GEM
  remote: https://rubygems.org/
  specs:
    dotenv (0.10.0)
    foreman (0.63.0)
      dotenv (>= 0.7)
      thor (>= 0.13.6)
    thor (0.19.1)

PLATFORMS
  ruby

DEPENDENCIES
  bundler
  foreman
